GEM
  remote: https://rubygems.org/
  specs:
    json (2.1.0)
    rb-scpt (1.0.2)

PLATFORMS
  ruby

DEPENDENCIES
  json
  rb-scpt

BUNDLED WITH
   1.15.4
